GEM
  remote: https://rubygems.org/
  specs:
    rack (1.6.13)

PLATFORMS
  ruby

DEPENDENCIES
  rack (~> 1.6.13)
